GIT
  remote: git://github.com/FriendlyId/friendly_id.git
  revision: c49ce30ff2b370669ccf1708e99fb08ab51435d9
  branch: rails4
  specs:
    friendly_id (4.1.0.beta.2)

GEM
  remote: https://rubygems.org/
  specs:
    actionmailer (4.0.0)
      actionpack (= 4.0.0)
      mail (~> 2.5.3)
    actionpack (4.0.0)
      activesupport (= 4.0.0)
      builder (~> 3.1.0)
      erubis (~> 2.7.0)
      rack (~> 1.5.2)
      rack-test (~> 0.6.2)
    activemodel (4.0.0)
      activesupport (= 4.0.0)
      builder (~> 3.1.0)
    activerecord (4.0.0)
      activemodel (= 4.0.0)
      activerecord-deprecated_finders (~> 1.0.2)
      activesupport (= 4.0.0)
      arel (~> 4.0.0)
    activerecord-deprecated_finders (1.0.3)
    activerecord-jdbc-adapter (1.3.0.beta2)
    activerecord-jdbcpostgresql-adapter (1.3.0.beta2)
      activerecord-jdbc-adapter (~> 1.3.0.beta2)
      jdbc-postgres (>= 9.1, < 9.3)
    activesupport (4.0.0)
      i18n (~> 0.6, >= 0.6.4)
      minitest (~> 4.2)
      multi_json (~> 1.3)
      thread_safe (~> 0.1)
      tzinfo (~> 0.3.37)
    addressable (2.3.5)
    annotate (2.5.0)
      rake
    arel (4.0.0)
    atomic (1.1.10-java)
    aws_cf_signer (0.1.1)
    bcrypt-ruby (3.1.1-java)
    blankslate (2.1.2.4)
    bourbon (3.1.8)
      sass (>= 3.2.0)
      thor
    builder (3.1.4)
    bust_rails_etags (0.0.5)
    callsite (0.0.11)
    cancan (1.6.10)
    capistrano (2.15.5)
      highline
      net-scp (>= 1.0.0)
      net-sftp (>= 2.0.0)
      net-ssh (>= 2.0.14)
      net-ssh-gateway (>= 1.1.0)
    carrierwave (0.9.0)
      activemodel (>= 3.2.0)
      activesupport (>= 3.2.0)
      json (>= 1.7)
    chronic (0.9.1)
    cloudinary (1.0.62)
      aws_cf_signer
      rest-client
    coderay (1.0.9)
    coffee-rails (4.0.0)
      coffee-script (>= 2.2.0)
      railties (>= 4.0.0.beta, < 5.0)
    coffee-script (2.2.0)
      coffee-script-source
      execjs
    coffee-script-source (1.6.3)
    devise (3.0.0)
      bcrypt-ruby (~> 3.0)
      orm_adapter (~> 0.1)
      railties (>= 3.2.6, < 5)
      warden (~> 1.2.3)
    dotenv (0.8.0)
    edn (1.0.0)
      parslet (~> 1.4.0)
    erubis (2.7.0)
    excon (0.25.3)
    execjs (1.4.0)
      multi_json (~> 1.0)
    faraday (0.8.8)
      multipart-post (~> 1.2.0)
    ffi (1.9.0-java)
    fog (1.14.0)
      builder
      excon (~> 0.25.0)
      formatador (~> 0.2.0)
      mime-types
      multi_json (~> 1.0)
      net-scp (~> 1.1)
      net-ssh (>= 2.1.3)
      nokogiri (~> 1.5)
      ruby-hmac
    foreman (0.63.0-java)
      dotenv (>= 0.7)
      thor (>= 0.13.6)
    formatador (0.2.4)
    hashie (2.0.5)
    highline (1.6.19)
    hike (1.2.3)
    honeybadger (1.7.0)
      json
    httpauth (0.2.0)
    i18n (0.6.4)
    jdbc-postgres (9.2.1002.1)
    jquery-fileupload-rails (0.4.1)
      actionpack (>= 3.1)
      railties (>= 3.1)
    jquery-rails (3.0.4)
      railties (>= 3.0, < 5.0)
      thor (>= 0.14, < 2.0)
    json (1.8.0-java)
    jwt (0.1.8)
      multi_json (>= 1.5)
    kaminari (0.14.1)
      actionpack (>= 3.0.0)
      activesupport (>= 3.0.0)
    koala (1.6.0)
      addressable (~> 2.2)
      faraday (~> 0.8)
      multi_json (~> 1.3)
    kramdown (1.1.0)
    mail (2.5.4)
      mime-types (~> 1.16)
      treetop (~> 1.4.8)
    meta_request (0.2.7)
      callsite
      rack-contrib
      railties
    method_source (0.8.2)
    mime-types (1.23)
    mini_portile (0.5.1)
    minitest (4.7.5)
    multi_json (1.7.7)
    multipart-post (1.2.0)
    net-scp (1.1.2)
      net-ssh (>= 2.6.5)
    net-sftp (2.1.2)
      net-ssh (>= 2.6.5)
    net-ssh (2.6.8)
    net-ssh-gateway (1.2.0)
      net-ssh (>= 2.6.5)
    newrelic_rpm (3.6.6.147)
    nokogiri (1.6.0-java)
      mini_portile (~> 0.5.0)
    oauth (0.4.7)
    oauth2 (0.8.1)
      faraday (~> 0.8)
      httpauth (~> 0.1)
      jwt (~> 0.1.4)
      multi_json (~> 1.0)
      rack (~> 1.2)
    omniauth (1.1.4)
      hashie (>= 1.2, < 3)
      rack
    omniauth-facebook (1.4.1)
      omniauth-oauth2 (~> 1.1.0)
    omniauth-oauth (1.0.1)
      oauth
      omniauth (~> 1.0)
    omniauth-oauth2 (1.1.1)
      oauth2 (~> 0.8.0)
      omniauth (~> 1.0)
    omniauth-twitter (1.0.0)
      multi_json (~> 1.3)
      omniauth-oauth (~> 1.0)
    orm_adapter (0.4.0)
    parslet (1.4.0)
      blankslate (~> 2.0)
    pg_array_parser (0.0.8-java)
    pg_search (0.7.0)
      activerecord (>= 3.1)
      activesupport (>= 3.1)
      arel
    polyglot (0.3.3)
    pry (0.9.12.2-java)
      coderay (~> 1.0.5)
      method_source (~> 0.8)
      slop (~> 3.4)
      spoon (~> 0.0)
    pry-rails (0.3.2)
      pry (>= 0.9.10)
    rack (1.5.2)
    rack-contrib (1.1.0)
      rack (>= 0.9.1)
    rack-mini-profiler (0.1.28)
      rack (>= 1.1.3)
    rack-pjax (0.7.0)
      nokogiri (~> 1.5)
      rack (~> 1.3)
    rack-test (0.6.2)
      rack (>= 1.0)
    rack-timeout (0.0.4)
    rails (4.0.0)
      actionmailer (= 4.0.0)
      actionpack (= 4.0.0)
      activerecord (= 4.0.0)
      activesupport (= 4.0.0)
      bundler (>= 1.3.0, < 2.0)
      railties (= 4.0.0)
      sprockets-rails (~> 2.0.0)
    railties (4.0.0)
      actionpack (= 4.0.0)
      activesupport (= 4.0.0)
      rake (>= 0.8.7)
      thor (>= 0.18.1, < 2.0)
    rake (10.1.0)
    rest-client (1.6.7)
      mime-types (>= 1.16)
    ruby-hmac (0.4.0)
    rvm-capistrano (1.4.1)
      capistrano (>= 2.0.0)
    sanitize (2.0.6)
      nokogiri (>= 1.4.4)
    sass (3.2.10)
    simple_form (3.0.0.rc)
      actionpack (>= 4.0.0.rc1, < 4.1)
      activemodel (>= 4.0.0.rc1, < 4.1)
    simple_oauth (0.2.0)
    slim (2.0.0)
      temple (~> 0.6.5)
      tilt (~> 1.3, >= 1.3.3)
    slim-rails (2.0.1)
      actionpack (>= 3.0, < 4.1)
      activesupport (>= 3.0, < 4.1)
      railties (>= 3.0, < 4.1)
      slim (~> 2.0)
    slop (3.4.6)
    spoon (0.0.4)
      ffi
    sprockets (2.10.0)
      hike (~> 1.2)
      multi_json (~> 1.0)
      rack (~> 1.0)
      tilt (~> 1.1, != 1.3.0)
    sprockets-helpers (1.0.1)
      sprockets (~> 2.0)
    sprockets-rails (2.0.0)
      actionpack (>= 3.0)
      activesupport (>= 3.0)
      sprockets (~> 2.8)
    sprockets-sass (1.0.1)
      sprockets (~> 2.0)
      tilt (~> 1.1)
    switch_user (0.9.3)
    temple (0.6.5)
    thor (0.18.1)
    thread_safe (0.1.2-java)
      atomic
    tilt (1.4.1)
    torquebox (3.0.0.beta1)
      thor (>= 0.14.6)
      torquebox-cache (= 3.0.0.beta1)
      torquebox-configure (= 3.0.0.beta1)
      torquebox-core (= 3.0.0.beta1)
      torquebox-messaging (= 3.0.0.beta1)
      torquebox-naming (= 3.0.0.beta1)
      torquebox-rake-support (= 3.0.0.beta1)
      torquebox-security (= 3.0.0.beta1)
      torquebox-stomp (= 3.0.0.beta1)
      torquebox-transactions (= 3.0.0.beta1)
      torquebox-web (= 3.0.0.beta1)
    torquebox-cache (3.0.0.beta1-java)
      torquebox-core (= 3.0.0.beta1)
      torquebox-transactions (= 3.0.0.beta1)
    torquebox-capistrano-support (2.3.2)
    torquebox-configure (3.0.0.beta1-java)
      blankslate (= 2.1.2.4)
    torquebox-core (3.0.0.beta1-java)
      edn (= 1.0.0)
    torquebox-messaging (3.0.0.beta1-java)
      torquebox-core (= 3.0.0.beta1)
      torquebox-transactions (= 3.0.0.beta1)
    torquebox-naming (3.0.0.beta1-java)
      torquebox-core (= 3.0.0.beta1)
    torquebox-rake-support (3.0.0.beta1)
      rake (>= 0.8.7)
    torquebox-security (3.0.0.beta1-java)
      torquebox-core (= 3.0.0.beta1)
    torquebox-stomp (3.0.0.beta1)
      torquebox-core (= 3.0.0.beta1)
      torquebox-messaging (= 3.0.0.beta1)
    torquebox-transactions (3.0.0.beta1)
      torquebox-core (= 3.0.0.beta1)
    torquebox-web (3.0.0.beta1-java)
    treetop (1.4.14)
      polyglot
      polyglot (>= 0.3.1)
    truncate_html (0.9.2)
    twitter (4.8.1)
      faraday (~> 0.8, < 0.10)
      multi_json (~> 1.0)
      simple_oauth (~> 0.2)
    tzinfo (0.3.37)
    uglifier (2.1.2)
      execjs (>= 0.3.0)
      multi_json (~> 1.0, >= 1.0.2)
    warden (1.2.3)
      rack (>= 1.0)
    zurb-foundation (4.3.1)
      sass (>= 3.2.0)

PLATFORMS
  java

DEPENDENCIES
  activerecord-jdbcpostgresql-adapter (= 1.3.0.beta2)
  annotate
  bourbon
  bundler
  bust_rails_etags
  cancan
  capistrano
  carrierwave
  chronic
  cloudinary
  coffee-rails (~> 4.0.0)
  devise
  fog
  foreman
  friendly_id!
  honeybadger
  jquery-fileupload-rails
  jquery-rails
  json
  kaminari
  koala
  kramdown
  meta_request
  newrelic_rpm
  omniauth-facebook
  omniauth-twitter
  pg_array_parser
  pg_search
  pry-rails
  rack-contrib
  rack-mini-profiler
  rack-pjax
  rack-timeout
  rails (= 4.0.0)
  rvm-capistrano
  sanitize
  simple_form (~> 3.0.0.rc)
  slim-rails
  sprockets-helpers
  sprockets-sass
  switch_user
  torquebox (= 3.0.0.beta1)
  torquebox-capistrano-support
  truncate_html
  twitter
  uglifier
  zurb-foundation (~> 4.3.1)
